GEM
  remote: https://rubygems.org/
  specs:
    mini_portile2 (2.1.0)
    nokogiri (1.6.8.1-x64-mingw32)
      mini_portile2 (~> 2.1.0)
    rake (11.3.0)
    ruby-debug-ide (0.6.0)
      rake (>= 0.8.1)

PLATFORMS
  x64-mingw32

DEPENDENCIES
  nokogiri
  ruby-debug-ide

BUNDLED WITH
   1.13.6
