GEM
  remote: https://rubygems.org/
  specs:
    backports (3.6.8)
    mini_portile2 (2.1.0)
    multi_json (1.12.1)
      mini_portile2 (~> 2.1.0)
    power_assert (0.3.1)
    rack (1.6.5)
    rack-protection (1.5.3)
      rack
    rack-test (0.6.3)
      rack (>= 1.0)
    rake (11.3.0)
    ruby-debug-ide (0.6.0)
      rake (>= 0.8.1)
    sinatra (1.4.7)
      rack (~> 1.5)
      rack-protection (~> 1.4)
      tilt (>= 1.3, < 3)
    sinatra-contrib (1.4.7)
      backports (>= 2.0)
      multi_json
      rack-protection
      rack-test
      sinatra (~> 1.4.0)
      tilt (>= 1.3, < 3)
    test-unit (3.2.2)
      power_assert
    tilt (2.0.5)

PLATFORMS
  x64-mingw32

DEPENDENCIES
  nokogiri
  rake
  ruby-debug-ide
  sinatra
  sinatra-contrib
  test-unit

BUNDLED WITH
   1.13.6
